GEM
  remote: https://rubygems.org/
  specs:
    bson (3.2.4)
    kgio (2.10.0)
    mongo (2.1.0)
      bson (~> 3.0)
    rack (1.6.4)
    rack-router (0.6.0)
    raindrops (0.15.0)
    unicorn (4.9.0)
      kgio (~> 2.6)
      rack
      raindrops (~> 0.7)

PLATFORMS
  ruby

DEPENDENCIES
  mongo
  rack
  rack-router
  unicorn
